GEM
  specs:
    coderay (1.1.2)
    date (3.0.0)
    json (2.3.0)
    method_source (1.0.0)
    pry (0.13.1)
      coderay (~> 1.1)
      method_source (~> 1.0)

PLATFORMS
  ruby

DEPENDENCIES
  date
  json
  pry

BUNDLED WITH
   1.17.2
